NUGET
  remote: https://www.nuget.org/api/v2
    FAKE (4.30.1)
    xunit.runner.console (2.1)
